GEM
  remote: https://rubygems.org/
  specs:
    power_assert (2.0.3)
    test-unit (3.5.9)
      power_assert

PLATFORMS
  ruby

DEPENDENCIES
  test-unit

BUNDLED WITH
   2.1.4
